PATH
  remote: .
  specs:
    ruby_on_gchart (0.0.1)

GEM
  remote: https://rubygems.org/
  specs:
    activesupport (2.3.17)
    rspec (1.3.2)

PLATFORMS
  ruby

DEPENDENCIES
  activesupport
  rspec
  ruby_on_gchart!
